GEM
  remote: https://rubygems.org/
  specs:
    concurrent-ruby (1.1.5)
    hanami-cli (0.3.1)
      concurrent-ruby (~> 1.0)
      hanami-utils (~> 1.3)
    hanami-utils (1.3.2)
      concurrent-ruby (~> 1.0)
      transproc (~> 1.0)
    transproc (1.0.3)
    zeitwerk (2.1.6)

PLATFORMS
  ruby

DEPENDENCIES
  hanami-cli (~> 0.3.1)
  zeitwerk (~> 2.1.6)

RUBY VERSION
   ruby 2.6.3p62

BUNDLED WITH
   2.0.1
