GEM
  remote: https://rubygems.org/
  specs:
    ast (2.4.0)
    concurrent-ruby (1.1.5)
    hanami-cli (0.3.1)
      concurrent-ruby (~> 1.0)
      hanami-utils (~> 1.3)
    hanami-utils (1.3.2)
      concurrent-ruby (~> 1.0)
      transproc (~> 1.0)
    jaro_winkler (1.5.3)
    parallel (1.17.0)
    parser (2.6.3.0)
      ast (~> 2.4.0)
    rainbow (3.0.0)
    rubocop (0.72.0)
      jaro_winkler (~> 1.5.1)
      parallel (~> 1.10)
      parser (>= 2.6)
      rainbow (>= 2.2.2, < 4.0)
      ruby-progressbar (~> 1.7)
      unicode-display_width (>= 1.4.0, < 1.7)
    rubocop-performance (1.4.0)
      rubocop (>= 0.71.0)
    ruby-progressbar (1.10.1)
    transproc (1.0.3)
    unicode-display_width (1.6.0)
    zeitwerk (2.1.8)

PLATFORMS
  ruby

DEPENDENCIES
  hanami-cli (~> 0.3.1)
  rubocop (~> 0.72.0)
  rubocop-performance (~> 1.4.0)
  zeitwerk (~> 2.1.8)

RUBY VERSION
   ruby 2.6.3p62

BUNDLED WITH
   2.0.1
